GIT
  remote: git://github.com/awestruct/aweplug.git
  revision: 2f2c459e133772c20b73fedbc478d53a55a688a1
  specs:
    aweplug (1.0.0.a24)
      curb (~> 0.8.5)
      faraday (>= 0.8.7, < 1.0.0)
      faraday_middleware (>= 0.9.0)
      google-api-client (~> 0.7, < 0.9)
      kramdown (~> 1.0.2)
      nokogiri (~> 1.5)
      oauth (~> 0.3.6)
      octokit (>= 1.24.0)
      parallel (> 1.0.0)
      ruby-duration (~> 3.2)
      sass (< 3.4.6)
      typhoeus (~> 0.7)
      uglifier (~> 2.0.1)
      xml-simple (~> 1.1)

GIT
  remote: git://github.com/lightguard/awestruct.git
  revision: 1f0bba05cda0ed7452cb8e0e5c0eceb63f78e0e0
  branch: feature/perf-testing-large-site
  specs:
    awestruct (0.6.0.alpha)
      asciidoctor (~> 1.5, >= 1.5.2)
      git (~> 1.2, >= 1.2.6)
      guard (~> 2.13, >= 2.13.0)
      guard-livereload (~> 2.1, >= 2.1.2)
      haml (~> 4.0, >= 4.0.5)
      listen (>= 2.7.1, <= 4.0)
      logging (~> 2.0)
      mime-types (~> 2.1)
      oga (~> 1.3)
      parallel (~> 1.1, > 1.1.1)
      rack (~> 1.5, >= 1.5.2)
      rest-client (~> 1.7, >= 1.7.2)
      tilt (~> 2.0, >= 2.0.1)

GEM
  remote: http://rubygems.org/
  specs:
    POpen4 (0.1.4)
      Platform (>= 0.4.0)
      open4
    Platform (0.4.0)
    activesupport (4.1.15)
      i18n (~> 0.6, >= 0.6.9)
      json (~> 1.7, >= 1.7.7)
      minitest (~> 5.1)
      thread_safe (~> 0.1)
      tzinfo (~> 1.1)
    addressable (2.4.0)
    anemone (0.7.2)
      nokogiri (>= 1.3.0)
      robotex (>= 1.0.0)
    ansi (1.5.0)
    asciidoctor (1.5.4)
    ast (2.2.0)
    astrolabe (1.3.1)
      parser (~> 2.2)
    autoparse (0.3.3)
      addressable (>= 2.3.1)
      extlib (>= 0.9.15)
      multi_json (>= 1.0.0)
    blinkr (0.3.9)
      nokogiri (~> 1.5)
      parallel (~> 1.3)
      slim (~> 3.0)
      typhoeus (~> 0.7)
    builder (3.2.2)
    byebug (8.2.2)
    capybara (2.6.2)
      addressable
      mime-types (>= 1.16)
      nokogiri (>= 1.3.3)
      rack (>= 1.0.0)
      rack-test (>= 0.5.4)
      xpath (~> 2.0)
    capybara-mechanize (1.5.0)
      capybara (~> 2.4, >= 2.4.4)
      mechanize (~> 2.7.0)
    capybara-screenshot (1.0.11)
      capybara (>= 1.0, < 3)
      launchy
    childprocess (0.5.9)
      ffi (~> 1.0, >= 1.0.11)
    chromedriver-helper (0.0.6)
      nokogiri
    chunky_png (1.3.5)
    climate_control (0.0.3)
      activesupport (>= 3.0)
    cliver (0.3.2)
    coderay (1.1.1)
    compass (1.0.3)
      chunky_png (~> 1.2)
      compass-core (~> 1.0.2)
      compass-import-once (~> 1.0.5)
      rb-fsevent (>= 0.9.3)
      rb-inotify (>= 0.9)
      sass (>= 3.3.13, < 3.5)
    compass-core (1.0.3)
      multi_json (~> 1.0)
      sass (>= 3.3.0, < 3.5)
    compass-import-once (1.0.5)
      sass (>= 3.2, < 3.5)
    cucumber (2.3.2)
      builder (>= 2.1.2)
      cucumber-core (~> 1.4.0)
      cucumber-wire (~> 0.0.1)
      diff-lcs (>= 1.1.3)
      gherkin (~> 3.2.0)
      multi_json (>= 1.7.5, < 2.0)
      multi_test (>= 0.1.2)
    cucumber-core (1.4.0)
      gherkin (~> 3.2.0)
    cucumber-wire (0.0.1)
    cuke_sniffer (0.0.8)
      roxml
    curb (0.8.8)
    daybreak (0.3.0)
    diff-lcs (1.2.5)
    docker-api (1.26.2)
      excon (>= 0.38.0)
      json
    domain_name (0.5.20160309)
      unf (>= 0.0.5, < 1.0.0)
    em-websocket (0.5.1)
      eventmachine (>= 0.12.9)
      http_parser.rb (~> 0.6.0)
    ethon (0.8.1)
      ffi (>= 1.3.0)
    eventmachine (1.0.9.1)
    excon (0.48.0)
    execjs (2.6.0)
    extlib (0.9.16)
    faker (1.6.3)
      i18n (~> 0.5)
    faraday (0.9.2)
      multipart-post (>= 1.2, < 3)
    faraday_middleware (0.10.0)
      faraday (>= 0.7.4, < 0.10)
    ffi (1.9.10)
    formatador (0.2.5)
    gherkin (3.2.0)
    git (1.2.9.1)
    gmail (0.6.0)
      gmail_xoauth (>= 0.3.0)
      mail (>= 2.2.1)
    gmail_xoauth (0.4.1)
      oauth (>= 0.3.6)
    google-api-client (0.8.6)
      activesupport (>= 3.2)
      addressable (~> 2.3)
      autoparse (~> 0.3)
      extlib (~> 0.9)
      faraday (~> 0.9)
      googleauth (~> 0.3)
      launchy (~> 2.4)
      multi_json (~> 1.10)
      retriable (~> 1.4)
      signet (~> 0.6)
    googleauth (0.5.1)
      faraday (~> 0.9)
      jwt (~> 1.4)
      logging (~> 2.0)
      memoist (~> 0.12)
      multi_json (~> 1.11)
      os (~> 0.9)
      signet (~> 0.7)
    gpgme (2.0.12)
      mini_portile2 (~> 2.1.0)
    guard (2.13.0)
      formatador (>= 0.2.4)
      listen (>= 2.7, <= 4.0)
      lumberjack (~> 1.0)
      nenv (~> 0.1)
      notiffany (~> 0.0)
      pry (>= 0.9.12)
      shellany (~> 0.0)
      thor (>= 0.18.1)
    guard-compat (1.2.1)
    guard-livereload (2.5.2)
      em-websocket (~> 0.5)
      guard (~> 2.8)
      guard-compat (~> 1.0)
      multi_json (~> 1.8)
    guard-minitest (2.4.4)
      guard-compat (~> 1.2)
      minitest (>= 3.0)
    haml (4.0.7)
      tilt
    htmlcompressor (0.0.7)
      yui-compressor (~> 0.9.6)
    http-cookie (1.0.2)
      domain_name (~> 0.5)
    http_parser.rb (0.6.0)
    i18n (0.7.0)
    image_size (1.4.2)
    iso8601 (0.9.0)
    json (1.8.3)
    jwt (1.5.4)
    kramdown (1.0.2)
    launchy (2.4.3)
      addressable (~> 2.3)
    libv8 (3.16.14.13)
    listen (3.0.6)
      rb-fsevent (>= 0.9.3)
      rb-inotify (>= 0.9.7)
    little-plugger (1.1.4)
    log4r (1.1.10)
    logging (2.0.0)
      little-plugger (~> 1.1)
      multi_json (~> 1.10)
    lumberjack (1.0.10)
    macaddr (1.7.1)
      systemu (~> 2.6.2)
    mail (2.6.3)
      mime-types (>= 1.16, < 3)
    mechanize (2.7.3)
      domain_name (~> 0.5, >= 0.5.1)
      http-cookie (~> 1.0)
      mime-types (~> 2.0)
      net-http-digest_auth (~> 1.1, >= 1.1.1)
      net-http-persistent (~> 2.5, >= 2.5.2)
      nokogiri (~> 1.4)
      ntlm-http (~> 0.1, >= 0.1.1)
      webrobots (>= 0.0.9, < 0.2)
    memoist (0.14.0)
    metaclass (0.0.4)
    method_source (0.8.2)
    mime-types (2.1)
    mini_portile2 (2.1.0)
    minitest (5.8.4)
    minitest-reporters (1.1.8)
      ansi
      builder
      minitest (>= 5.0)
      ruby-progressbar
    mocha (1.1.0)
      metaclass (~> 0.0.1)
    multi_json (1.11.2)
    multi_test (0.1.2)
    multipart-post (2.0.0)
    nenv (0.3.0)
    net-http-digest_auth (1.4)
    net-http-persistent (2.9.4)
    netrc (0.11.0)
    nokogiri (1.5.11)
    notiffany (0.0.8)
      nenv (~> 0.1)
      shellany (~> 0.0)
    ntlm-http (0.1.1)
    oauth (0.3.6)
      ruby-hmac (>= 0.3.1)
    octokit (4.3.0)
      sawyer (~> 0.7.0, >= 0.5.3)
    oga (1.3.1)
      ast
      ruby-ll (~> 2.1)
    oily_png (1.1.2)
      chunky_png (~> 1.3.1)
    open4 (1.3.4)
    os (0.9.6)
    parallel (1.6.2)
    parallel_tests (1.9.0)
      parallel
    parser (2.3.0.6)
      ast (~> 2.2)
    poltergeist (1.7.0)
      capybara (~> 2.1)
      cliver (~> 0.3.1)
      multi_json (~> 1.0)
      websocket-driver (>= 0.2.0)
    powerpack (0.1.1)
    pry (0.10.3)
      coderay (~> 1.1.0)
      method_source (~> 0.8.1)
      slop (~> 3.4)
    pry-byebug (3.3.0)
      byebug (~> 8.0)
      pry (~> 0.10)
    rack (1.6.4)
    rack-test (0.6.3)
      rack (>= 1.0)
    rainbow (2.1.0)
    rake (10.5.0)
    rb-fchange (0.0.6)
      ffi
    rb-fsevent (0.9.7)
    rb-inotify (0.9.7)
      ffi (>= 0.5.0)
    ref (2.0.0)
    require_all (1.3.3)
    rest-client (1.8.0)
      http-cookie (>= 1.0.2, < 2.0)
      mime-types (>= 1.16, < 3.0)
      netrc (~> 0.7)
    retriable (1.4.1)
    robotex (1.0.0)
    roxml (3.3.1)
      activesupport (>= 2.3.0)
      nokogiri (>= 1.3.3)
    rspec (3.4.0)
      rspec-core (~> 3.4.0)
      rspec-expectations (~> 3.4.0)
      rspec-mocks (~> 3.4.0)
    rspec-core (3.4.4)
      rspec-support (~> 3.4.0)
    rspec-expectations (3.4.0)
      diff-lcs (>= 1.2.0, < 2.0)
      rspec-support (~> 3.4.0)
    rspec-mocks (3.4.1)
      diff-lcs (>= 1.2.0, < 2.0)
      rspec-support (~> 3.4.0)
    rspec-support (3.4.1)
    rubocop (0.34.2)
      astrolabe (~> 1.3)
      parser (>= 2.2.2.5, < 3.0)
      powerpack (~> 0.1)
      rainbow (>= 1.99.1, < 3.0)
      ruby-progressbar (~> 1.4)
    ruby-duration (3.2.3)
      activesupport (>= 3.0.0)
      i18n
      iso8601
    ruby-hmac (0.4.0)
    ruby-ll (2.1.2)
      ansi
      ast
    ruby-progressbar (1.7.5)
    rubyzip (1.2.0)
    sass (3.4.5)
    sawyer (0.7.0)
      addressable (>= 2.3.5, < 2.5)
      faraday (~> 0.8, < 0.10)
    selenium-webdriver (2.53.0)
      childprocess (~> 0.5)
      rubyzip (~> 1.0)
      websocket (~> 1.0)
    shellany (0.0.1)
    signet (0.7.2)
      addressable (~> 2.3)
      faraday (~> 0.9)
      jwt (~> 1.5)
      multi_json (~> 1.10)
    site_prism (2.8)
      addressable (>= 2.3.3, < 3.0)
      capybara (>= 2.1, < 3.0)
    slim (3.0.6)
      temple (~> 0.7.3)
      tilt (>= 1.3.3, < 2.1)
    slop (3.6.0)
    systemu (2.6.5)
    temple (0.7.6)
    therubyracer (0.12.2)
      libv8 (~> 3.16.14.0)
      ref
    thor (0.19.1)
    thread_safe (0.3.5)
    tilt (2.0.2)
    typhoeus (0.8.0)
      ethon (>= 0.8.0)
    tzinfo (1.2.2)
      thread_safe (~> 0.1)
    uglifier (2.0.1)
      execjs (>= 0.3.0)
      multi_json (~> 1.0, >= 1.0.2)
    unf (0.1.4)
      unf_ext
    unf_ext (0.0.7.2)
    uuid (2.3.8)
      macaddr (~> 1.0)
    webrobots (0.1.2)
    websocket (1.2.3)
    websocket-driver (0.6.3)
      websocket-extensions (>= 0.1.0)
    websocket-extensions (0.1.2)
    wraith (1.3.7)
      anemone
      image_size
      log4r
      nokogiri
      parallel
      rake
      robotex
      thor
    xml-simple (1.1.5)
    xpath (2.0.0)
      nokogiri (~> 1.3)
    yui-compressor (0.9.6)
      POpen4 (>= 0.1.4)

PLATFORMS
  ruby

DEPENDENCIES
  activesupport (> 3.1, < 4.2.0)
  asciidoctor (~> 1.5.0)
  aweplug!
  awestruct!
  blinkr (~> 0.3)
  capybara (~> 2.6, >= 2.6.2)
  capybara-mechanize (~> 1.5)
  capybara-screenshot (~> 1.0.11)
  chromedriver-helper (= 0.0.6)
  climate_control
  compass (~> 1.0)
  cucumber (~> 2.0)
  cuke_sniffer (~> 0.0.8)
  curb (~> 0.8.5)
  daybreak
  docker-api
  faker (~> 1.6, >= 1.6.1)
  git (~> 1.2.5)
  gmail (~> 0.6.0)
  google-api-client (~> 0.8)
  gpgme (~> 2.0)
  guard
  guard-minitest
  htmlcompressor (~> 0.0.6)
  kramdown (~> 1.0.1)
  launchy (~> 2.4)
  mime-types (= 2.1)
  minitest-reporters
  mocha
  nokogiri (~> 1.5.10)
  oauth (~> 0.3.6)
  octokit (~> 4.0)
  oily_png (~> 1.1.1)
  parallel (~> 1.1)
  parallel_tests (~> 1.9.0)
  poltergeist (~> 1.7.0)
  pry
  pry-byebug
  rake (~> 10.4)
  rb-fchange
  rb-fsevent
  rb-inotify
  require_all (~> 1.3.2)
  rspec (~> 3.3)
  rubocop (~> 0.34.2)
  ruby-duration (~> 3.1)
  sass (~> 3.4, < 3.4.6)
  selenium-webdriver (>= 2.53)
  signet (~> 0.6)
  site_prism (~> 2.7)
  slim (~> 3.0)
  therubyracer
  uglifier (~> 2.0.1)
  uuid
  wraith (~> 1.3.0)

BUNDLED WITH
   1.11.2
