GIT
  remote: http://github.com/redhat-developer/dcp-checker
  revision: 6fde4ee9c9ec78be6b6f6b18c3af8a6d8e018f91
  specs:
    dcp-checker (0.1.0)
      colorize
      ffi (= 1.9.18)
      nokogiri (~> 1.8)
      parallel (~> 1.12, >= 1.12.1)
      rounding
      slim (~> 3.0, >= 3.0.9)
      typhoeus (~> 1.3)

GEM
  remote: https://rubygems.org/
  specs:
    colorize (0.8.1)
    ethon (0.11.0)
      ffi (>= 1.3.0)
    ffi (1.9.18)
    mini_portile2 (2.3.0)
    nokogiri (1.8.5)
      mini_portile2 (~> 2.3.0)
    parallel (1.12.1)
    rounding (1.0.1)
    slim (3.0.9)
      temple (>= 0.7.6, < 0.9)
      tilt (>= 1.3.3, < 2.1)
    temple (0.8.0)
    tilt (2.0.8)
    typhoeus (1.3.1)
      ethon (>= 0.9.0)

PLATFORMS
  ruby

DEPENDENCIES
  dcp-checker!

BUNDLED WITH
   1.16.1
